GEM
  remote: https://rubygems.org/
  specs:
    babbler (2.0.0)
    coderay (1.1.1)
    method_source (0.8.2)
    pry (0.10.4)
      coderay (~> 1.1.0)
      method_source (~> 0.8.1)
      slop (~> 3.4)
    slop (3.6.0)

PLATFORMS
  ruby

DEPENDENCIES
  babbler
  pry

BUNDLED WITH
   1.15.0
